GIT
  remote: git://github.com/elasticsearch/logstash.git
  revision: 457efa41dee957165e6cee9e4eb79f7cafc75ec5
  branch: 1.4
  specs:
    logstash (1.4.3.dev-java)
      addressable
      awesome_print
      aws-sdk
      beefcake (= 0.3.7)
      bindata (>= 1.5.0)
      bouncy-castle-java (= 1.5.0147)
      cabin (>= 0.6.0)
      ci_reporter
      cinch
      clamp
      edn
      elasticsearch
      extlib (= 0.9.16)
      ffi
      ffi-rzmq (= 1.0.0)
      filewatch (= 0.5.1)
      ftw (~> 0.0.39)
      gelf (= 1.3.2)
      gelfd (= 0.2.0)
      geoip (>= 1.3.2)
      gmetric (= 0.1.3)
      i18n (>= 0.6.6)
      insist (= 1.0.0)
      jls-grok (= 0.10.12)
      jls-lumberjack (>= 0.0.20)
      jruby-httpclient
      jruby-openssl (= 0.8.7)
      json
      mail
      march_hare (~> 2.1.0)
      metriks
      mime-types
      minitest
      mocha
      msgpack-jruby
      murmurhash3
      pry
      rack
      rbnacl
      redis
      rspec
      rufus-scheduler (~> 2.0.24)
      rumbster
      shoulda
      sinatra
      snmp
      spoon
      statsd-ruby (= 1.2.0)
      stud
      twitter (= 5.0.0.rc.1)
      user_agent_parser (>= 2.0.0)
      xml-simple
      xmpp4r (= 0.5)

PATH
  remote: .
  specs:
    logstash-kafka (0.7.4-java)
      jruby-kafka (~> 1.1.1)

GEM
  remote: https://rubygems.org/
  specs:
    activesupport (4.1.9)
      i18n (~> 0.6, >= 0.6.9)
      json (~> 1.7, >= 1.7.7)
      minitest (~> 5.1)
      thread_safe (~> 0.1)
      tzinfo (~> 1.1)
    addressable (2.3.7)
    atomic (1.1.99-java)
    avl_tree (1.2.1)
      atomic (~> 1.1)
    awesome_print (1.6.1)
    aws-sdk (2.0.28)
      aws-sdk-resources (= 2.0.28)
    aws-sdk-core (2.0.28)
      builder (~> 3.0)
      jmespath (~> 1.0)
      multi_json (~> 1.0)
      multi_xml (~> 0.5)
    aws-sdk-resources (2.0.28)
      aws-sdk-core (= 2.0.28)
    backports (3.6.4)
    beefcake (0.3.7)
    bindata (2.1.0)
    bouncy-castle-java (1.5.0147)
    buftok (0.1)
    builder (3.2.2)
    cabin (0.7.1)
    ci_reporter (2.0.0)
      builder (>= 2.1.2)
    cinch (2.2.4)
    clamp (0.6.3)
    coderay (1.1.0)
    diff-lcs (1.2.5)
    edn (1.0.6)
    elasticsearch (1.0.6)
      elasticsearch-api (= 1.0.6)
      elasticsearch-transport (= 1.0.6)
    elasticsearch-api (1.0.6)
      multi_json
    elasticsearch-transport (1.0.6)
      faraday
      multi_json
    extlib (0.9.16)
    faraday (0.9.1)
      multipart-post (>= 1.2, < 3)
    ffi (1.9.6-java)
    ffi-rzmq (1.0.0)
      ffi
    filewatch (0.5.1)
    ftw (0.0.41)
      addressable
      backports (>= 2.6.2)
      cabin (> 0)
      http_parser.rb (= 0.5.3)
    gelf (1.3.2)
      json
    gelfd (0.2.0)
    gem_publisher (1.5.0)
    geoip (1.4.0)
    gmetric (0.1.3)
    hitimes (1.2.2-java)
    http (0.5.1)
      http_parser.rb
    http_parser.rb (0.5.3-java)
    i18n (0.6.9)
    insist (1.0.0)
    jar-dependencies (0.1.8)
    jls-grok (0.10.12)
      cabin (>= 0.6.0)
    jls-lumberjack (0.0.20)
    jmespath (1.0.2)
      multi_json (~> 1.0)
    jruby-httpclient (1.1.1-java)
    jruby-kafka (1.1.1-java)
      jar-dependencies (~> 0)
    jruby-openssl (0.8.7)
      bouncy-castle-java (>= 1.5.0147)
    json (1.8.2-java)
    logstash-codec-json (0.1.5)
      logstash (>= 1.4.0, < 2.0.0)
    logstash-codec-plain (0.1.4)
      logstash (>= 1.4.0, < 2.0.0)
    logstash-devutils (0.0.10-java)
      gem_publisher
      insist (= 1.0.0)
      jar-dependencies
      minitar
      rake
      rspec (~> 2.14.0)
    mail (2.5.3)
      i18n (>= 0.4.0)
      mime-types (~> 1.16)
      treetop (~> 1.4.8)
    march_hare (2.1.2-java)
    metaclass (0.0.4)
    method_source (0.8.2)
    metriks (0.9.9.7)
      atomic (~> 1.0)
      avl_tree (~> 1.2.0)
      hitimes (~> 1.1)
    mime-types (1.25.1)
    minitar (0.5.4)
    minitest (5.5.1)
    mocha (1.1.0)
      metaclass (~> 0.0.1)
    msgpack-jruby (1.4.1-java)
    multi_json (1.10.1)
    multi_xml (0.5.5)
    multipart-post (2.0.0)
    murmurhash3 (0.1.6-java)
    polyglot (0.3.5)
    pry (0.10.1-java)
      coderay (~> 1.1.0)
      method_source (~> 0.8.1)
      slop (~> 3.4)
      spoon (~> 0.0)
    rack (1.6.0)
    rack-protection (1.5.3)
      rack
    rake (10.4.2)
    rbnacl (3.1.2)
      ffi
    redis (3.2.1)
    rspec (2.14.1)
      rspec-core (~> 2.14.0)
      rspec-expectations (~> 2.14.0)
      rspec-mocks (~> 2.14.0)
    rspec-core (2.14.8)
    rspec-expectations (2.14.5)
      diff-lcs (>= 1.1.3, < 2.0)
    rspec-mocks (2.14.6)
    rufus-scheduler (2.0.24)
      tzinfo (>= 0.3.22)
    rumbster (1.1.1)
      mail (= 2.5.3)
    shoulda (3.5.0)
      shoulda-context (~> 1.0, >= 1.0.1)
      shoulda-matchers (>= 1.4.1, < 3.0)
    shoulda-context (1.2.1)
    shoulda-matchers (2.8.0)
      activesupport (>= 3.0.0)
    simple_oauth (0.2.0)
    sinatra (1.4.5)
      rack (~> 1.4)
      rack-protection (~> 1.4)
      tilt (~> 1.3, >= 1.3.4)
    slop (3.6.0)
    snmp (1.2.0)
    spoon (0.0.4)
      ffi
    statsd-ruby (1.2.0)
    stud (0.0.19)
    thread_safe (0.3.4-java)
    tilt (1.4.1)
    treetop (1.4.15)
      polyglot
      polyglot (>= 0.3.1)
    twitter (5.0.0.rc.1)
      buftok (~> 0.1.0)
      faraday (>= 0.8, < 0.10)
      http (>= 0.5.0.pre2, < 0.6)
      http_parser.rb (~> 0.5.0)
      json (~> 1.8)
      simple_oauth (~> 0.2.0)
    tzinfo (1.2.2)
      thread_safe (~> 0.1)
    user_agent_parser (2.2.0)
    xml-simple (1.1.4)
    xmpp4r (0.5)

PLATFORMS
  java
  ruby

DEPENDENCIES
  jar-dependencies
  logstash!
  logstash-codec-json
  logstash-codec-plain
  logstash-devutils
  logstash-kafka!
